GEM
  remote: https://rubygems.org/
  specs:
    autoprefixer-rails (10.4.13.0)
      execjs (~> 2)
    bootstrap-sass (3.4.1)
      autoprefixer-rails (>= 5.2.1)
      sassc (>= 2.0.0)
    connection_pool (2.4.1)
    execjs (2.8.1)
    ffi (1.15.5)
    multi_json (1.15.0)
    mustermann (3.0.0)
      ruby2_keywords (~> 0.0.1)
    rack (2.2.7)
    rack-protection (3.0.6)
      rack
    redis (5.0.6)
      redis-client (>= 0.9.0)
    redis-client (0.14.1)
      connection_pool
    ruby2_keywords (0.0.5)
    sassc (2.4.0)
      ffi (~> 1.9)
    securerandom (0.2.2)
    sinatra (3.0.6)
      mustermann (~> 3.0)
      rack (~> 2.2, >= 2.2.4)
      rack-protection (= 3.0.6)
      tilt (~> 2.0)
    sinatra-bootstrap (0.6.1)
      sinatra (>= 1.0)
      sinatra-outputbuffer
    sinatra-contrib (3.0.6)
      multi_json
      mustermann (~> 3.0)
      rack-protection (= 3.0.6)
      sinatra (= 3.0.6)
      tilt (~> 2.0)
    sinatra-outputbuffer (0.1.0)
      sinatra (>= 1.0.a)
    tilt (2.2.0)

PLATFORMS
  ruby

DEPENDENCIES
  bootstrap-sass
  redis
  securerandom
  sinatra
  sinatra-bootstrap
  sinatra-contrib

BUNDLED WITH
   1.17.2
